GEM
  remote: https://rubygems.org/
  specs:
    backports (3.18.1)
    faraday (0.12.2)
      multipart-post (>= 1.2, < 3)
    hashie (3.5.7)
    json (2.3.0)
    jwt (1.5.6)
    multi_json (1.14.1)
    multi_xml (0.6.0)
    multipart-post (2.0.0)
    mustermann (1.1.1)
      ruby2_keywords (~> 0.0.1)
    oauth (0.5.4)
    oauth2 (1.4.0)
      faraday (>= 0.8, < 0.13)
      jwt (~> 1.0)
      multi_json (~> 1.3)
      multi_xml (~> 0.5)
      rack (>= 1.2, < 3)
    omniauth (1.8.1)
      hashie (>= 3.4.6, < 3.6.0)
      rack (>= 1.6.2, < 3)
    omniauth-facebook (4.0.0)
      omniauth-oauth2 (~> 1.2)
    omniauth-github (1.3.0)
      omniauth (~> 1.5)
      omniauth-oauth2 (>= 1.4.0, < 2.0)
    omniauth-gplus (2.0.1)
      omniauth-oauth2 (~> 1.1)
    omniauth-oauth (1.1.0)
      oauth
      omniauth (~> 1.0)
    omniauth-oauth2 (1.5.0)
      oauth2 (~> 1.1)
      omniauth (~> 1.2)
    omniauth-twitter (1.4.0)
      omniauth-oauth (~> 1.1)
      rack
    rack (2.2.3)
    rack-protection (2.0.8.1)
      rack
    ruby2_keywords (0.0.2)
    sinatra (2.0.8.1)
      mustermann (~> 1.0)
      rack (~> 2.0)
      rack-protection (= 2.0.8.1)
      tilt (~> 2.0)
    sinatra-contrib (2.0.8.1)
      backports (>= 2.8.2)
      multi_json
      mustermann (~> 1.0)
      rack-protection (= 2.0.8.1)
      sinatra (= 2.0.8.1)
      tilt (~> 2.0)
    tilt (2.0.10)

PLATFORMS
  ruby

DEPENDENCIES
  json
  omniauth
  omniauth-facebook
  omniauth-github
  omniauth-gplus
  omniauth-oauth2
  omniauth-twitter
  sinatra
  sinatra-contrib

BUNDLED WITH
   1.16.1
